GEM
  remote: http://rubygems.org/
  specs:
    rack (1.5.1)
    rack-protection (1.3.2)
      rack
    sequel (3.44.0)
    sinatra (1.3.4)
      rack (~> 1.4)
      rack-protection (~> 1.3)
      tilt (~> 1.3, >= 1.3.3)
    sqlite3 (1.3.7)
    tilt (1.3.3)

PLATFORMS
  ruby

DEPENDENCIES
  sequel
  sinatra
  sqlite3
